GEM
  remote: https://rubygems.org/
  specs:
    pg (0.18.2)
    rake (10.4.2)

PLATFORMS
  ruby

DEPENDENCIES
  pg
  rake
